GEM
  remote: http://rubygems.org/
  specs:
    RedCloth (4.3.2)
    async (1.26.2)
      console (~> 1.0)
      nio4r (~> 2.3)
      timers (~> 4.1)
    async-container (0.16.6)
      async (~> 1.0)
      async-io (~> 1.26)
    async-http (0.52.4)
      async (~> 1.25)
      async-io (~> 1.28)
      async-pool (~> 0.2)
      protocol-http (~> 0.20.0)
      protocol-http1 (~> 0.13.0)
      protocol-http2 (~> 0.14.0)
    async-http-cache (0.2.0)
      async-http (~> 0.51)
    async-io (1.30.0)
      async (~> 1.14)
    async-pool (0.3.2)
      async (~> 1.25)
    build-environment (1.13.0)
    console (1.8.2)
    falcon (0.36.4)
      async (~> 1.13)
      async-container (~> 0.16.0)
      async-http (~> 0.52.0)
      async-http-cache (~> 0.2.0)
      async-io (~> 1.22)
      build-environment (~> 1.13)
      localhost (~> 1.1)
      process-metrics (~> 0.2.0)
      rack (>= 1.0)
      samovar (~> 2.1)
    ffi (1.13.1)
    haml (5.1.2)
      temple (>= 0.8.0)
      tilt
    haml-contrib (1.0.0.1)
      haml (>= 3.2.0.alpha.13)
    json (2.3.1)
    localhost (1.1.6)
    mapping (1.1.1)
    mustermann (1.1.1)
      ruby2_keywords (~> 0.0.1)
    nesta (0.12.0)
      RedCloth (~> 4.2)
      haml (>= 3.1)
      haml-contrib (>= 1.0)
      rack (~> 2.0)
      rdiscount (~> 2.1)
      sassc (>= 2.2)
      sinatra (~> 2.0)
      tilt (~> 2.0)
    nio4r (2.5.2)
    power_assert (1.2.0)
    process-metrics (0.2.1)
      console (~> 1.8)
      samovar (~> 2.1)
    protocol-hpack (1.4.2)
    protocol-http (0.20.0)
    protocol-http1 (0.13.0)
      protocol-http (~> 0.19)
    protocol-http2 (0.14.0)
      protocol-hpack (~> 1.4)
      protocol-http (~> 0.18)
    rack (2.2.3)
    rack-protection (2.0.8.1)
      rack
    rack-test (1.1.0)
      rack (>= 1.0, < 3)
    rdiscount (2.2.0.1)
    ruby2_keywords (0.0.2)
    samovar (2.1.4)
      console (~> 1.0)
      mapping (~> 1.0)
    sassc (2.4.0)
      ffi (~> 1.9)
    sinatra (2.0.8.1)
      mustermann (~> 1.0)
      rack (~> 2.0)
      rack-protection (= 2.0.8.1)
      tilt (~> 2.0)
    temple (0.8.2)
    test-unit (3.3.6)
      power_assert
    tilt (2.0.10)
    timers (4.3.0)

PLATFORMS
  ruby

DEPENDENCIES
  falcon
  json
  nesta
  rack-test
  sinatra
  test-unit

RUBY VERSION
   ruby 2.6.6p146

BUNDLED WITH
   1.17.3
