GEM
  remote: http://rubygems.org/
  specs:
    RedCloth (4.3.2)
    async (1.24.2)
      console (~> 1.0)
      nio4r (~> 2.3)
      timers (~> 4.1)
    async-container (0.16.4)
      async (~> 1.0)
      async-io (~> 1.26)
      process-group
    async-http (0.51.6)
      async (~> 1.23)
      async-io (~> 1.28)
      async-pool (~> 0.2)
      protocol-http (~> 0.18.0)
      protocol-http1 (~> 0.12.0)
      protocol-http2 (~> 0.14.0)
    async-http-cache (0.2.0)
      async-http (~> 0.51)
    async-io (1.28.0)
      async (~> 1.14)
    async-pool (0.2.0)
      async (~> 1.8)
    build-environment (1.13.0)
    console (1.8.2)
    falcon (0.36.3)
      async (~> 1.13)
      async-container (~> 0.16.0)
      async-http (~> 0.51.0)
      async-http-cache (~> 0.2.0)
      async-io (~> 1.22)
      build-environment (~> 1.13)
      localhost (~> 1.1)
      process-metrics (~> 0.2.0)
      rack (>= 1.0)
      samovar (~> 2.1)
    ffi (1.12.2)
    haml (5.1.2)
      temple (>= 0.8.0)
      tilt
    haml-contrib (1.0.0.1)
      haml (>= 3.2.0.alpha.13)
    json (2.3.0)
    localhost (1.1.6)
    mapping (1.1.1)
    nesta (0.11.1)
      RedCloth (~> 4.2)
      haml (>= 3.1)
      haml-contrib (>= 1.0)
      rack (>= 1.3)
      rdiscount (~> 2.1)
      sass (>= 3.1)
      sinatra (~> 1.4)
      tilt (~> 1.4)
    nio4r (2.5.2)
    power_assert (1.2.0)
    process-group (1.2.1)
      process-terminal (~> 0.2.0)
    process-metrics (0.2.1)
      console (~> 1.8)
      samovar (~> 2.1)
    process-terminal (0.2.0)
      ffi
    protocol-hpack (1.4.2)
    protocol-http (0.18.0)
    protocol-http1 (0.12.0)
      protocol-http (~> 0.18)
    protocol-http2 (0.14.0)
      protocol-hpack (~> 1.4)
      protocol-http (~> 0.18)
    rack (1.6.13)
    rack-protection (1.5.5)
      rack
    rack-test (1.1.0)
      rack (>= 1.0, < 3)
    rb-fsevent (0.10.3)
    rb-inotify (0.10.1)
      ffi (~> 1.0)
    rdiscount (2.2.0.1)
    samovar (2.1.4)
      console (~> 1.0)
      mapping (~> 1.0)
    sass (3.7.4)
      sass-listen (~> 4.0.0)
    sass-listen (4.0.0)
      rb-fsevent (~> 0.9, >= 0.9.4)
      rb-inotify (~> 0.9, >= 0.9.7)
    sinatra (1.4.8)
      rack (~> 1.5)
      rack-protection (~> 1.4)
      tilt (>= 1.3, < 3)
    temple (0.8.2)
    test-unit (3.3.5)
      power_assert
    tilt (1.4.1)
    timers (4.3.0)

PLATFORMS
  ruby

DEPENDENCIES
  falcon
  json
  nesta
  rack-test
  sinatra
  test-unit

RUBY VERSION
   ruby 2.6.6p146

BUNDLED WITH
   1.17.3
